GEM
  remote: https://rubygems.org/
  specs:
    builder (3.2.2)
    coderay (1.1.0)
    rb-readline (0.5.5)
    rdiscount (1.6.8)

PLATFORMS
  ruby

DEPENDENCIES
  builder
  coderay
  rb-readline
  rdiscount (= 1.6.8)

RUBY VERSION
   ruby 2.4.1p111

BUNDLED WITH
   1.16.2
