GEM
  remote: https://rubygems.org/
  specs:
    builder (3.2.3)
    coderay (1.1.2)
    rdiscount (2.2.0.1)

PLATFORMS
  ruby

DEPENDENCIES
  builder
  coderay
  rdiscount

RUBY VERSION
   ruby 2.4.1p111

BUNDLED WITH
   1.16.2
